GIT
  remote: git://github.com/BlackacreLabs/bluebook.git
  revision: 99d42ccf8e4afe7c0b788be0a8bd94269f82b733
  specs:
    bluebook (19.0.0.alpha1)
      thor (~> 0.16)

GIT
  remote: git://github.com/BlackacreLabs/precedent.git
  revision: 0dccdb1783f634106f02445fbf14014aa37ebd2f
  specs:
    precedent (0.0.1)
      activesupport
      nokogiri (~> 1.5)
      thor (~> 0.16)
      treetop (~> 1.4)
      xml-simple (~> 1.1)

GEM
  remote: http://rubygems.org/
  specs:
    activemodel (3.2.11)
      activesupport (= 3.2.11)
      builder (~> 3.0.0)
    activesupport (3.2.11)
      i18n (~> 0.6)
      multi_json (~> 1.0)
    addressable (2.3.2)
    aws-s3 (0.6.3)
      builder
      mime-types
      xml-simple
    bson (1.8.2)
    bson_ext (1.8.2)
      bson (~> 1.8.2)
    builder (3.0.4)
    capybara (2.0.2)
      mime-types (>= 1.16)
      nokogiri (>= 1.3.3)
      rack (>= 1.0.0)
      rack-test (>= 0.5.4)
      selenium-webdriver (~> 2.0)
      xpath (~> 1.0.0)
    childprocess (0.3.8)
      ffi (~> 1.0, >= 1.0.11)
    coderay (1.0.8)
    coffee-script (2.2.0)
      coffee-script-source
      execjs
    coffee-script-source (1.4.0)
    daemons (1.1.9)
    database_cleaner (0.9.1)
    diff-lcs (1.1.3)
    dotenv (0.5.0)
    eventmachine (1.0.0)
    execjs (1.4.0)
      multi_json (~> 1.0)
    fabrication (2.6.0)
    faker (1.1.2)
      i18n (~> 0.5)
    ffi (1.3.1)
    foreman (0.61.0)
      thor (>= 0.13.6)
    gherkin (2.11.6)
      json (>= 1.7.6)
    guard (1.6.2)
      listen (>= 0.6.0)
      lumberjack (>= 1.0.2)
      pry (>= 0.9.10)
      terminal-table (>= 1.4.3)
      thor (>= 0.14.6)
    guard-bundler (1.0.0)
      bundler (~> 1.0)
      guard (~> 1.1)
    guard-coffeescript (1.2.1)
      coffee-script (>= 2.2.0)
      guard (>= 1.1.0)
    guard-rack (1.3.1)
      ffi (~> 1.3.1)
      guard (~> 1.1)
      libnotify (~> 0.1.3)
      rb-inotify (>= 0.5.1)
      spoon (~> 0.0.1)
    guard-rspec (2.4.0)
      guard (>= 1.1)
      rspec (~> 2.11)
    guard-sass (1.0.2)
      guard (>= 1.1.0)
      sass (>= 3.1)
    haml (3.1.7)
    i18n (0.6.1)
    json (1.7.6)
    libnotify (0.1.4)
      ffi (>= 0.6.2)
    listen (0.7.2)
    lumberjack (1.0.2)
    method_source (0.8.1)
    mime-types (1.21)
    mongoid (3.0.21)
      activemodel (~> 3.1)
      moped (~> 1.2)
      origin (~> 1.0)
      tzinfo (~> 0.3.22)
    moped (1.4.2)
    multi_json (1.5.0)
    newrelic_rpm (3.5.6.46)
    nokogiri (1.5.6)
    origin (1.0.11)
    polyglot (0.3.3)
    pry (0.9.11.4)
      coderay (~> 1.0.5)
      method_source (~> 0.8)
      slop (~> 3.4)
    rack (1.5.2)
    rack-canonical-host (0.0.8)
      addressable
      rack (~> 1.0)
    rack-google-analytics (0.11.0)
    rack-protection (1.3.2)
      rack
    rack-test (0.6.2)
      rack (>= 1.0)
    rake (10.0.3)
    rb-fchange (0.0.6)
      ffi
    rb-fsevent (0.9.3)
    rb-inotify (0.8.8)
      ffi (>= 0.5.0)
    rspec (2.12.0)
      rspec-core (~> 2.12.0)
      rspec-expectations (~> 2.12.0)
      rspec-mocks (~> 2.12.0)
    rspec-core (2.12.2)
    rspec-expectations (2.12.1)
      diff-lcs (~> 1.1.3)
    rspec-mocks (2.12.2)
    rubyzip (0.9.9)
    sass (3.2.5)
    selenium-webdriver (2.29.0)
      childprocess (>= 0.2.5)
      multi_json (~> 1.0)
      rubyzip
      websocket (~> 1.0.4)
    sinatra (1.3.4)
      rack (~> 1.4)
      rack-protection (~> 1.3)
      tilt (~> 1.3, >= 1.3.3)
    sinatra-partial (0.4.0)
      sinatra
    slop (3.4.3)
    spoon (0.0.1)
    terminal-table (1.4.5)
    thin (1.5.0)
      daemons (>= 1.0.9)
      eventmachine (>= 0.12.6)
      rack (>= 1.0.0)
    thor (0.17.0)
    tilt (1.3.3)
    treetop (1.4.12)
      polyglot
      polyglot (>= 0.3.1)
    turnip (1.1.0)
      gherkin (>= 2.5)
      rspec (~> 2.0)
    tzinfo (0.3.35)
    websocket (1.0.7)
    xml-simple (1.1.2)
    xpath (1.0.0)
      nokogiri (~> 1.3)

PLATFORMS
  ruby

DEPENDENCIES
  aws-s3
  bluebook!
  bson_ext
  capybara
  database_cleaner
  dotenv
  fabrication
  faker
  foreman
  guard-bundler
  guard-coffeescript
  guard-rack
  guard-rspec
  guard-sass
  haml
  mongoid (~> 3.0)
  newrelic_rpm
  precedent!
  rack-canonical-host
  rack-google-analytics
  rake
  rb-fchange
  rb-fsevent
  rb-inotify (= 0.8.8)
  rspec
  sinatra
  sinatra-partial
  thin
  turnip
